GIT
  remote: git://github.com/ncbo/goo.git
  revision: f9c7ad52131475ca33acd8290e25195ed228f16a
  branch: master
  specs:
    goo (0.0.2)
      addressable (= 2.3.5)
      pry
      rdf (= 1.0.8)
      redis
      rest-client
      rsolr
      sparql-client
      systemu
      uuid

GIT
  remote: git://github.com/ncbo/ncbo_annotator.git
  revision: fc5b0a049e06abe7b9d77506a807630459cea06d
  branch: master
  specs:
    ncbo_annotator (0.0.1)
      goo
      ontologies_linked_data
      redis
      ruby-xxHash

GIT
  remote: git://github.com/ncbo/ontologies_linked_data.git
  revision: 545594632d21161fb0d4508b0cb3721dc853e717
  branch: master
  specs:
    ontologies_linked_data (0.0.1)
      activesupport
      bcrypt
      goo
      json
      libxml-ruby
      multi_json
      ncbo_resource_index
      oj
      omni_logger
      pony
      rack
      rack-test
      rsolr
      rubyzip

GIT
  remote: git://github.com/ncbo/resource_index.git
  revision: 75e384e2563638cb91541082c9256f80b60b6ae9
  specs:
    ncbo_resource_index (0.0.1)
      elasticsearch (= 2.0.0)
      mysql2
      pony
      ref
      ruby-xxHash
      sequel
      typhoeus

GIT
  remote: git://github.com/ncbo/sparql-client.git
  revision: 39cb76898cb6c8896c43aa076e493280d9621998
  branch: master
  specs:
    sparql-client (1.0.1)
      json_pure (>= 1.4)
      net-http-persistent (= 2.9.4)
      rdf (>= 1.0)

GEM
  remote: https://rubygems.org/
  specs:
    activesupport (4.0.13)
      i18n (~> 0.6, >= 0.6.9)
      minitest (~> 4.2)
      multi_json (~> 1.3)
      thread_safe (~> 0.1)
      tzinfo (~> 0.3.37)
    addressable (2.3.5)
    bcrypt (3.1.13)
    builder (3.2.3)
    coderay (1.1.2)
    concurrent-ruby (1.1.5)
    cube-ruby (0.0.3)
    domain_name (0.5.20190701)
      unf (>= 0.0.5, < 1.0.0)
    elasticsearch (2.0.0)
      elasticsearch-api (= 2.0.0)
      elasticsearch-transport (= 2.0.0)
    elasticsearch-api (2.0.0)
      multi_json
    elasticsearch-transport (2.0.0)
      faraday
      multi_json
    ethon (0.12.0)
      ffi (>= 1.3.0)
    faraday (0.17.1)
      multipart-post (>= 1.2, < 3)
    ffi (1.9.21)
    http-accept (1.7.0)
    http-cookie (1.0.3)
      domain_name (~> 0.5)
    i18n (0.9.5)
      concurrent-ruby (~> 1.0)
    json (2.2.0)
    json_pure (2.2.0)
    libxml-ruby (3.1.0)
    logger (1.4.1)
    macaddr (1.7.2)
      systemu (~> 2.6.5)
    mail (2.7.1)
      mini_mime (>= 0.1.1)
    method_source (0.9.2)
    mime-types (3.3)
      mime-types-data (~> 3.2015)
    mime-types-data (3.2019.1009)
    mini_mime (1.0.2)
    minitest (4.7.5)
    multi_json (1.14.1)
    multipart-post (2.1.1)
    mysql2 (0.5.3)
    net-http-persistent (2.9.4)
    netrc (0.11.0)
    oj (3.10.0)
    omni_logger (0.1.4)
      logger
    pony (1.13.1)
      mail (>= 2.0)
    pry (0.12.2)
      coderay (~> 1.1.0)
      method_source (~> 0.9.0)
    rack (2.0.7)
    rack-test (1.1.0)
      rack (>= 1.0, < 3)
    rake (10.5.0)
    rdf (1.0.8)
      addressable (>= 2.2)
    redis (3.3.5)
    ref (2.0.0)
    rest-client (2.1.0)
      http-accept (>= 1.7.0, < 2.0)
      http-cookie (>= 1.0.2, < 2.0)
      mime-types (>= 1.16, < 4.0)
      netrc (~> 0.8)
    rsolr (2.2.1)
      builder (>= 2.1.2)
      faraday (>= 0.9.0)
    ruby-xxHash (0.4.0.1)
    rubyzip (2.0.0)
    sequel (5.27.0)
    systemu (2.6.5)
    test-unit-minitest (0.9.1)
      minitest (~> 4.7)
    thread_safe (0.3.6)
    typhoeus (1.3.1)
      ethon (>= 0.9.0)
    tzinfo (0.3.56)
    unf (0.1.4)
      unf_ext
    unf_ext (0.0.7.6)
    uuid (2.3.9)
      macaddr (~> 1.0)

PLATFORMS
  ruby
  x86_64-darwin-16
  x86_64-darwin-17

DEPENDENCIES
  cube-ruby
  ffi (< 1.9.22)
  goo!
  minitest (~> 4.0)
  ncbo_annotator!
  ncbo_resource_index!
  ontologies_linked_data!
  pry
  rake (~> 10.0)
  redis (~> 3.0)
  sparql-client!
  test-unit-minitest

BUNDLED WITH
   1.17.3
